GEM
  remote: https://rubygems.org/
  specs:
    i18n (0.7.0)
    monetize (1.3.1)
      money (~> 6.6)
    money (6.6.0)
      i18n (>= 0.6.4, <= 0.7.0)
    oauth (0.4.7)
    patron (0.4.20)

PLATFORMS
  ruby

DEPENDENCIES
  monetize
  money
  oauth
  patron

BUNDLED WITH
   1.10.5
