GEM
  remote: https://rubygems.org/
  specs:
    oauth (0.4.7)

PLATFORMS
  ruby

DEPENDENCIES
  oauth

BUNDLED WITH
   1.10.5
